REDIRECTS: ON
NUGET
  remote: https://www.nuget.org/api/v2
  specs:
    Deedle (1.0.7)
    FAKE (3.28.5)
    FSharp.Charting (0.90.10)
    FSharp.Compiler.Service (0.0.89)
    FSharp.Formatting (2.9.1)
      FSharp.Compiler.Service (>= 0.0.87)
      FSharpVSPowerTools.Core (1.8.0)
    FSharpVSPowerTools.Core (1.8.0)
      FSharp.Compiler.Service (>= 0.0.87)
    FsUnit.xUnit (1.3.0.1)
      xunit (>= 1.9.1 < 3.0) - framework: net20, >= net40, >= net45
    Microsoft.Data.Edm (5.6.2)
    Microsoft.Data.OData (5.6.2)
      Microsoft.Data.Edm (5.6.2)
      System.Spatial (5.6.2)
    Microsoft.Data.Services.Client (5.6.2)
      Microsoft.Data.OData (5.6.2)
    Microsoft.WindowsAzure.ConfigurationManager (1.8.0.0)
    Newtonsoft.Json (5.0.8)
    NuGet.CommandLine (2.8.3)
    System.Spatial (5.6.2)
    Unquote (2.2.2)
    WindowsAzure.Storage (4.3.0)
      Microsoft.Data.OData (>= 5.6.2)
      Microsoft.Data.Services.Client (>= 5.6.2) - framework: >= net40
      Microsoft.WindowsAzure.ConfigurationManager (>= 1.8.0.0) - framework: >= net40
      Newtonsoft.Json (>= 5.0.8) - framework: wpv8.0, >= net40
    xunit (1.9.2)
    xunit.runners (1.9.2)
GITHUB
  remote: fsprojects/FSharp.TypeProviders.StarterPack
  specs:
    src/DebugProvidedTypes.fs (877014bfa6244ac382642e113d7cd6c9bc27bc6d)
    src/ProvidedTypes.fs (877014bfa6244ac382642e113d7cd6c9bc27bc6d)
    src/ProvidedTypes.fsi (877014bfa6244ac382642e113d7cd6c9bc27bc6d)