REDIRECTS: ON
NUGET
  remote: https://nuget.org/api/v2
  specs:
    Deedle (1.2.4)
    FAKE (4.4.5)
    FSharp.Charting (0.90.12)
    FSharp.Compiler.Service (0.0.90)
    FSharp.Core (3.1.2.5)
    FSharp.Formatting (2.11.0)
      FSharp.Compiler.Service (>= 0.0.90 <= 1.3)
      FSharpVSPowerTools.Core (1.9.0)
    FSharpVSPowerTools.Core (1.9.0)
      FSharp.Compiler.Service (>= 0.0.90)
    FsUnit.xUnit (1.3.1)
      xunit (1.9.2)
    Microsoft.Data.Edm (5.6.4) - framework: winv4.5, wpv8.1, wpv8.0, >= net40
    Microsoft.Data.OData (5.6.4) - framework: winv4.5, wpv8.1, wpv8.0, >= net40
      Microsoft.Data.Edm (5.6.4)
      System.Spatial (5.6.4)
    Microsoft.Data.Services.Client (5.6.4) - framework: >= net40
      Microsoft.Data.OData (5.6.4)
    Microsoft.WindowsAzure.ConfigurationManager (3.1.0) - framework: >= net40
    Newtonsoft.Json (7.0.1) - framework: wpv8.0, >= net40
    NuGet.CommandLine (2.8.6)
    System.Spatial (5.6.4) - framework: winv4.5, wpv8.1, wpv8.0, >= net40
    Unquote (3.0.0)
    WindowsAzure.Storage (4.3.0)
      Microsoft.Data.OData (>= 5.6.2) - framework: winv4.5, wpv8.1, wpv8.0, >= net40
      Microsoft.Data.Services.Client (>= 5.6.2) - framework: >= net40
      Microsoft.WindowsAzure.ConfigurationManager (>= 1.8.0.0) - framework: >= net40
      Newtonsoft.Json (>= 5.0.8) - framework: wpv8.0, >= net40
    xunit (1.9.2)
    xunit.runners (1.9.2)
GITHUB
  remote: fsprojects/FSharp.TypeProviders.StarterPack
  specs:
    src/DebugProvidedTypes.fs (7b14087a976df7477ef06c496933b8f8369ad5f5)
    src/ProvidedTypes.fs (7b14087a976df7477ef06c496933b8f8369ad5f5)
    src/ProvidedTypes.fsi (7b14087a976df7477ef06c496933b8f8369ad5f5)