REDIRECTS: ON
NUGET
  remote: https://nuget.org/api/v2
  specs:
    Deedle (1.2.4)
    FAKE (4.4.5)
    FSharp.Charting (0.90.12)
    FSharp.Compiler.Service (0.0.90)
    FSharp.Core (3.1.2.5)
    FSharp.Formatting (2.11.0)
      FSharp.Compiler.Service (>= 0.0.90 <= 1.3)
      FSharpVSPowerTools.Core (1.9.0)
    FSharpVSPowerTools.Core (1.9.0)
      FSharp.Compiler.Service (>= 0.0.90)
    FsUnit.xUnit (1.3.1)
      xunit (1.9.2)
    Microsoft.Azure.KeyVault.Core (1.0.0) - framework: wpv8.0, >= net40
    Microsoft.Data.Edm (5.6.4) - framework: winv4.5, wpv8.1, wpv8.0, >= net40
    Microsoft.Data.OData (5.6.4) - framework: winv4.5, wpv8.1, wpv8.0, >= net40
      Microsoft.Data.Edm (5.6.4)
      System.Spatial (5.6.4)
    Microsoft.Data.Services.Client (5.6.4) - framework: >= net40
      Microsoft.Data.OData (5.6.4)
    Newtonsoft.Json (6.0.8)
    NuGet.CommandLine (2.8.6)
    System.Spatial (5.6.4) - framework: winv4.5, wpv8.1, wpv8.0, >= net40
    Unquote (3.0.0)
    WindowsAzure.Storage (6.0.0)
      Microsoft.Azure.KeyVault.Core (>= 1.0.0) - framework: wpv8.0, >= net40
      Microsoft.Data.OData (>= 5.6.4) - framework: winv4.5, wpv8.1, wpv8.0, >= net40
      Microsoft.Data.Services.Client (>= 5.6.4) - framework: >= net40
      Newtonsoft.Json (>= 6.0.8) - framework: winv4.5, wpv8.1, wpv8.0, >= net40
    xunit (1.9.2)
    xunit.runners (1.9.2)
GITHUB
  remote: fsprojects/FSharp.TypeProviders.StarterPack
  specs:
    src/DebugProvidedTypes.fs (f1234ba078dad7cbb674b1d1ab8b94f92f827911)
    src/ProvidedTypes.fs (f1234ba078dad7cbb674b1d1ab8b94f92f827911)
    src/ProvidedTypes.fsi (f1234ba078dad7cbb674b1d1ab8b94f92f827911)